GEM
  remote: http://rubygems.org/
  specs:
    diff-lcs (1.1.3)
    digest-crc (0.3.0)
    qtbindings (4.8.3.0)
    rspec (2.11.0)
      rspec-core (~> 2.11.0)
      rspec-expectations (~> 2.11.0)
      rspec-mocks (~> 2.11.0)
    rspec-core (2.11.1)
    rspec-expectations (2.11.3)
      diff-lcs (~> 1.1.3)
    rspec-mocks (2.11.3)
    rubyzip (0.9.9)

PLATFORMS
  ruby

DEPENDENCIES
  digest-crc
  qtbindings
  rspec
  rubyzip
