GEM
  remote: http://rubygems.org/
  specs:
    diff-lcs (1.1.3)
    digest-crc (0.3.0)
    qtbindings (4.6.3.4)
    rspec (2.8.0)
      rspec-core (~> 2.8.0)
      rspec-expectations (~> 2.8.0)
      rspec-mocks (~> 2.8.0)
    rspec-core (2.8.0)
    rspec-expectations (2.8.0)
      diff-lcs (~> 1.1.2)
    rspec-mocks (2.8.0)

PLATFORMS
  ruby

DEPENDENCIES
  digest-crc
  qtbindings
  rspec
